GEM
  remote: http://rubygems.org/
  specs:
    ffi (1.0.4)
      rake (>= 0.8.7)
    haml (3.0.25)
    kgio (2.1.1)
    maruku (0.6.0)
      syntax (>= 1.0.0)
    rack (1.2.1)
    rake (0.8.7)
    sequel (3.18.0)
    sinatra (1.1.2)
      rack (~> 1.1)
      tilt (~> 1.2)
    sqlite3 (0.1.1)
      ffi (>= 0.6.3)
    sqlite3-ruby (1.3.2)
    syntax (1.0.0)
    tilt (1.2.1)
    unicorn (3.2.1)
      kgio (~> 2.1)
      rack

PLATFORMS
  ruby

DEPENDENCIES
  haml
  maruku
  rack
  sequel
  sinatra
  sqlite3
  sqlite3-ruby
  syntax
  unicorn
